PATH
  remote: .
  specs:
    stackify-api-ruby (1.0.0)
      activesupport (~> 4.1, >= 4.1.1)

GEM
  remote: https://rubygems.org/
  specs:
    activesupport (4.1.4)
      i18n (~> 0.6, >= 0.6.9)
      json (~> 1.7, >= 1.7.7)
      minitest (~> 5.1)
      thread_safe (~> 0.1)
      tzinfo (~> 1.1)
    i18n (0.6.11)
    json (1.8.1)
    minitest (5.4.0)
    rake (0.9.6)
    thread_safe (0.3.4)
    tzinfo (1.2.1)
      thread_safe (~> 0.1)

PLATFORMS
  ruby

DEPENDENCIES
  bundler (~> 1.6)
  rake (~> 0)
  stackify-api-ruby!
