PATH
  remote: .
  specs:
    stackify-api-ruby (1.0.15)
      faraday (~> 0.8)

GEM
  remote: https://rubygems.org/
  specs:
    faraday (0.15.4)
      multipart-post (>= 1.2, < 3)
    multipart-post (2.0.0)
    rake (0.9.6)

PLATFORMS
  ruby

DEPENDENCIES
  bundler (~> 1.6)
  rake (~> 0)
  stackify-api-ruby!

BUNDLED WITH
   1.17.3
