PATH
  remote: .
  specs:
    stackify-api-ruby (1.1.0)
      faraday (~> 0.8)
      google-protobuf (~> 3.0)
      net_http_unix (~> 0.2)

GEM
  remote: https://rubygems.org/
  specs:
    faraday (0.17.1)
      multipart-post (>= 1.2, < 3)
    google-protobuf (3.7.1)
    multipart-post (2.1.1)
    net_http_unix (0.2.2)
    rake (0.9.6)

PLATFORMS
  ruby

DEPENDENCIES
  bundler (~> 1.6)
  rake (~> 0)
  stackify-api-ruby!

BUNDLED WITH
   1.17.3
